GEM
  remote: https://rubygems.org/
  specs:
    actioncable (5.1.4)
      actionpack (= 5.1.4)
      nio4r (~> 2.0)
      websocket-driver (~> 0.6.1)
    actionmailer (5.1.4)
      actionpack (= 5.1.4)
      actionview (= 5.1.4)
      activejob (= 5.1.4)
      mail (~> 2.5, >= 2.5.4)
      rails-dom-testing (~> 2.0)
    actionpack (5.1.4)
      actionview (= 5.1.4)
      activesupport (= 5.1.4)
      rack (~> 2.0)
      rack-test (>= 0.6.3)
      rails-dom-testing (~> 2.0)
      rails-html-sanitizer (~> 1.0, >= 1.0.2)
    actionview (5.1.4)
      activesupport (= 5.1.4)
      builder (~> 3.1)
      erubi (~> 1.4)
      rails-dom-testing (~> 2.0)
      rails-html-sanitizer (~> 1.0, >= 1.0.3)
    active_record-pool (2.0.0)
      activerecord (~> 5.0)
    active_record_query_trace (1.5.4)
    activejob (5.1.4)
      activesupport (= 5.1.4)
      globalid (>= 0.3.6)
    activemodel (5.1.4)
      activesupport (= 5.1.4)
    activemodel-serializers-xml (1.0.2)
      activemodel (> 5.x)
      activesupport (> 5.x)
      builder (~> 3.1)
    activerecord (5.1.4)
      activemodel (= 5.1.4)
      activesupport (= 5.1.4)
      arel (~> 8.0)
    activerecord-like (2.1)
      activerecord (>= 5.0.0)
    activerecord-safer_migrations (2.0.0)
      activerecord (>= 4.0)
    activesupport (5.1.4)
      concurrent-ruby (~> 1.0, >= 1.0.2)
      i18n (~> 0.7)
      minitest (~> 5.1)
      tzinfo (~> 1.1)
    administrate (0.8.1)
      actionpack (>= 4.2, < 5.2)
      actionview (>= 4.2, < 5.2)
      activerecord (>= 4.2, < 5.2)
      autoprefixer-rails (>= 6.0)
      datetime_picker_rails (~> 0.0.7)
      jquery-rails (>= 4.0)
      kaminari (>= 1.0)
      momentjs-rails (~> 2.8)
      sass-rails (~> 5.0)
      selectize-rails (~> 0.6)
    administrate-field-state_machine (0.1.2)
      administrate (< 1.0.0)
      rails (>= 4.2)
    ar_after_transaction (0.4.2)
      activerecord (> 3.2.0, < 5.2)
    ar_transaction_changes (1.1.3)
      activerecord (>= 4.2.4, < 6.0)
    arel (8.0.0)
    autoprefixer-rails (7.2.5)
      execjs
    bcrypt (3.1.11)
    bindex (0.5.0)
    brakeman (4.1.1)
    bugsnag (6.6.3)
      concurrent-ruby (~> 1.0)
    builder (3.2.3)
    bullet (5.7.2)
      activesupport (>= 3.0.0)
      uniform_notifier (~> 1.11.0)
    bundler-audit (0.6.0)
      bundler (~> 1.2)
      thor (~> 0.18)
    byebug (10.0.0)
    coderay (1.1.2)
    concurrent-ruby (1.0.5)
    connection_pool (2.2.1)
    countries (2.1.3)
      i18n_data (~> 0.8.0)
      money (~> 6.9)
      sixarm_ruby_unaccent (~> 1.1)
      unicode_utils (~> 1.4)
    country_select (3.1.1)
      countries (~> 2.0)
      sort_alphabetical (~> 1.0)
    crass (1.0.3)
    datetime_picker_rails (0.0.7)
      momentjs-rails (>= 2.8.1)
    devise (4.4.1)
      bcrypt (~> 3.0)
      orm_adapter (~> 0.1)
      railties (>= 4.1.0, < 5.2)
      responders
      warden (~> 1.2.3)
    devise-async (1.0.0)
      activejob (>= 5.0)
      devise (>= 4.0)
    diff-lcs (1.3)
    dotenv (2.2.1)
    dotenv-rails (2.2.1)
      dotenv (= 2.2.1)
      railties (>= 3.2, < 5.2)
    draper (3.0.1)
      actionpack (~> 5.0)
      activemodel (~> 5.0)
      activemodel-serializers-xml (~> 1.0)
      activesupport (~> 5.0)
      request_store (~> 1.0)
    erubi (1.7.0)
    execjs (2.7.0)
    ffi (1.9.18)
    flamegraph (0.9.5)
    friendly_id (5.2.3)
      activerecord (>= 4.0.0)
    get_process_mem (0.2.1)
    globalid (0.4.1)
      activesupport (>= 4.2.0)
    goldiloader (2.0.1)
      activerecord (>= 4.2, < 5.2)
      activesupport (>= 4.2, < 5.2)
    groupdate (3.2.0)
      activesupport (>= 3)
    gutentag (2.1.0)
      activerecord (>= 3.2.0)
    high_voltage (3.0.0)
    hiredis (0.6.1)
    i18n (0.9.3)
      concurrent-ruby (~> 1.0)
    i18n_data (0.8.0)
    jquery-rails (4.3.1)
      rails-dom-testing (>= 1, < 3)
      railties (>= 4.2.0)
      thor (>= 0.14, < 2.0)
    kaminari (1.1.1)
      activesupport (>= 4.1.0)
      kaminari-actionview (= 1.1.1)
      kaminari-activerecord (= 1.1.1)
      kaminari-core (= 1.1.1)
    kaminari-actionview (1.1.1)
      actionview
      kaminari-core (= 1.1.1)
    kaminari-activerecord (1.1.1)
      activerecord
      kaminari-core (= 1.1.1)
    kaminari-core (1.1.1)
    listen (3.1.5)
      rb-fsevent (~> 0.9, >= 0.9.4)
      rb-inotify (~> 0.9, >= 0.9.7)
      ruby_dep (~> 1.2)
    loofah (2.1.1)
      crass (~> 1.0.2)
      nokogiri (>= 1.5.9)
    mail (2.7.0)
      mini_mime (>= 0.1.1)
    memory_profiler (0.9.8)
    method_source (0.9.0)
    migration_data (0.3.0)
    mini_mime (1.0.0)
    mini_portile2 (2.3.0)
    minitest (5.11.3)
    momentjs-rails (2.17.1)
      railties (>= 3.1)
    monetize (1.7.0)
      money (~> 6.9)
    money (6.10.1)
      i18n (>= 0.6.4, < 1.0)
    money-rails (1.10.0)
      activesupport (>= 3.0)
      monetize (~> 1.7.0)
      money (~> 6.10.0)
      railties (>= 3.0)
    newrelic_rpm (4.8.0.341)
    nio4r (2.2.0)
    nokogiri (1.8.2)
      mini_portile2 (~> 2.3.0)
    oj (3.4.0)
    orm_adapter (0.5.0)
    pg (0.21.0)
    pry (0.11.3)
      coderay (~> 1.1.0)
      method_source (~> 0.9.0)
    pry-doc (0.12.0)
      pry (~> 0.9)
      yard (~> 0.9)
    pry-rails (0.3.6)
      pry (>= 0.10.4)
    puma (3.11.2)
    puma_worker_killer (0.1.0)
      get_process_mem (~> 0.2)
      puma (>= 2.7, < 4)
    pundit (1.1.0)
      activesupport (>= 3.0.0)
    rack (2.0.4)
    rack-attack (5.0.1)
      rack
    rack-cache (1.7.1)
      rack (>= 0.4)
    rack-cors (1.0.2)
    rack-mini-profiler (0.10.7)
      rack (>= 1.2.0)
    rack-protection (2.0.1)
      rack
    rack-proxy (0.6.3)
      rack
    rack-test (0.8.2)
      rack (>= 1.0, < 3)
    rack-timeout (0.4.2)
    rails (5.1.4)
      actioncable (= 5.1.4)
      actionmailer (= 5.1.4)
      actionpack (= 5.1.4)
      actionview (= 5.1.4)
      activejob (= 5.1.4)
      activemodel (= 5.1.4)
      activerecord (= 5.1.4)
      activesupport (= 5.1.4)
      bundler (>= 1.3.0)
      railties (= 5.1.4)
      sprockets-rails (>= 2.0.0)
    rails-callback_log (0.2.2)
      activesupport (>= 4.2.0, < 5.2)
    rails-dom-testing (2.0.3)
      activesupport (>= 4.2.0)
      nokogiri (>= 1.6)
    rails-html-sanitizer (1.0.3)
      loofah (~> 2.0)
    railties (5.1.4)
      actionpack (= 5.1.4)
      activesupport (= 5.1.4)
      method_source
      rake (>= 0.8.7)
      thor (>= 0.18.1, < 2.0)
    rake (12.3.0)
    rb-fsevent (0.10.2)
    rb-inotify (0.9.10)
      ffi (>= 0.5.0, < 2)
    redis (4.0.1)
    redis-actionpack (5.0.2)
      actionpack (>= 4.0, < 6)
      redis-rack (>= 1, < 3)
      redis-store (>= 1.1.0, < 2)
    redis-activesupport (5.0.4)
      activesupport (>= 3, < 6)
      redis-store (>= 1.3, < 2)
    redis-objects (1.4.0)
      redis (~> 4.0)
    redis-rack (2.0.4)
      rack (>= 1.5, < 3)
      redis-store (>= 1.2, < 2)
    redis-rack-cache (2.0.2)
      rack-cache (>= 1.6, < 2)
      redis-store (>= 1.2, < 2)
    redis-rails (5.0.2)
      redis-actionpack (>= 5.0, < 6)
      redis-activesupport (>= 5.0, < 6)
      redis-store (>= 1.2, < 2)
    redis-store (1.4.1)
      redis (>= 2.2, < 5)
    rein (3.3.0)
      activerecord (>= 4.0.0, < 6)
      activesupport (>= 4.0.0, < 6)
    request_store (1.4.0)
      rack (>= 1.4)
    responders (2.4.0)
      actionpack (>= 4.2.0, < 5.3)
      railties (>= 4.2.0, < 5.3)
    rspec-core (3.7.1)
      rspec-support (~> 3.7.0)
    rspec-expectations (3.7.0)
      diff-lcs (>= 1.2.0, < 2.0)
      rspec-support (~> 3.7.0)
    rspec-mocks (3.7.0)
      diff-lcs (>= 1.2.0, < 2.0)
      rspec-support (~> 3.7.0)
    rspec-rails (3.7.2)
      actionpack (>= 3.0)
      activesupport (>= 3.0)
      railties (>= 3.0)
      rspec-core (~> 3.7.0)
      rspec-expectations (~> 3.7.0)
      rspec-mocks (~> 3.7.0)
      rspec-support (~> 3.7.0)
    rspec-support (3.7.1)
    ruby-prof (0.17.0)
    ruby_dep (1.5.0)
    sass (3.5.5)
      sass-listen (~> 4.0.0)
    sass-listen (4.0.0)
      rb-fsevent (~> 0.9, >= 0.9.4)
      rb-inotify (~> 0.9, >= 0.9.7)
    sass-rails (5.0.7)
      railties (>= 4.0.0, < 6)
      sass (~> 3.1)
      sprockets (>= 2.8, < 4.0)
      sprockets-rails (>= 2.0, < 4.0)
      tilt (>= 1.1, < 3)
    secure_headers (5.0.4)
      useragent (>= 0.15.0)
    selectize-rails (0.12.4.1)
    sidekiq (5.1.1)
      concurrent-ruby (~> 1.0)
      connection_pool (~> 2.2, >= 2.2.0)
      rack-protection (>= 1.5.0)
      redis (>= 3.3.5, < 5)
    simple_form (3.5.0)
      actionpack (> 4, < 5.2)
      activemodel (> 4, < 5.2)
    sitemap_generator (6.0.1)
      builder (~> 3.0)
    sixarm_ruby_unaccent (1.2.0)
    sort_alphabetical (1.1.0)
      unicode_utils (>= 1.2.2)
    sprockets (3.7.1)
      concurrent-ruby (~> 1.0)
      rack (> 1, < 3)
    sprockets-rails (3.2.1)
      actionpack (>= 4.0)
      activesupport (>= 4.0)
      sprockets (>= 3.0.0)
    stackprof (0.2.11)
    state_machines (0.5.0)
    state_machines-activemodel (0.5.0)
      activemodel (>= 4.1, < 5.2)
      state_machines (>= 0.5.0)
    state_machines-activerecord (0.5.0)
      activerecord (>= 4.1, < 5.2)
      state_machines-activemodel (>= 0.5.0)
    state_machines-audit_trail (2.0.1)
      state_machines
    strong_migrations (0.2.1)
      activerecord (>= 3.2.0)
    thor (0.20.0)
    thread_safe (0.3.6)
    tilt (2.0.8)
    timecop (0.9.1)
    tzinfo (1.2.4)
      thread_safe (~> 0.1)
    unicode_utils (1.4.0)
    uniform_notifier (1.11.0)
    useragent (0.16.9)
    warden (1.2.7)
      rack (>= 1.0)
    web-console (3.5.1)
      actionview (>= 5.0)
      activemodel (>= 5.0)
      bindex (>= 0.4.0)
      railties (>= 5.0)
    webpacker (3.2.1)
      activesupport (>= 4.2)
      rack-proxy (>= 0.6.1)
      railties (>= 4.2)
    websocket-driver (0.6.5)
      websocket-extensions (>= 0.1.0)
    websocket-extensions (0.1.3)
    yard (0.9.12)

PLATFORMS
  ruby

DEPENDENCIES
  active_record-pool (= 2.0.0)
  active_record_query_trace (= 1.5.4)
  activerecord-like (= 2.1)
  activerecord-safer_migrations (= 2.0.0)
  administrate (= 0.8.1)
  administrate-field-state_machine (= 0.1.2)
  ar_after_transaction (= 0.4.2)
  ar_transaction_changes (= 1.1.3)
  brakeman (= 4.1.1)
  bugsnag (= 6.6.3)
  bullet (= 5.7.2)
  bundler-audit (= 0.6.0)
  byebug (= 10.0.0)
  connection_pool (= 2.2.1)
  country_select (= 3.1.1)
  devise (= 4.4.1)
  devise-async (= 1.0.0)
  dotenv-rails (= 2.2.1)
  draper (= 3.0.1)
  flamegraph (= 0.9.5)
  friendly_id (= 5.2.3)
  goldiloader (= 2.0.1)
  groupdate (= 3.2.0)
  gutentag (= 2.1.0)
  high_voltage (= 3.0.0)
  hiredis (= 0.6.1)
  kaminari (= 1.1.1)
  listen (= 3.1.5)
  memory_profiler (= 0.9.8)
  migration_data (= 0.3.0)
  money-rails (= 1.10.0)
  newrelic_rpm (= 4.8.0.341)
  oj (= 3.4.0)
  pg (= 0.21.0)
  pry-doc (= 0.12.0)
  pry-rails (= 0.3.6)
  puma (= 3.11.2)
  puma_worker_killer (= 0.1.0)
  pundit (= 1.1.0)
  rack-attack (= 5.0.1)
  rack-cors (= 1.0.2)
  rack-mini-profiler (= 0.10.7)
  rack-timeout (= 0.4.2)
  rails (= 5.1.4)
  rails-callback_log (= 0.2.2)
  redis (= 4.0.1)
  redis-objects (= 1.4.0)
  redis-rack-cache (= 2.0.2)
  redis-rails (= 5.0.2)
  rein (= 3.3.0)
  rspec-rails (= 3.7.2)
  ruby-prof (= 0.17.0)
  secure_headers (= 5.0.4)
  sidekiq (= 5.1.1)
  simple_form (= 3.5.0)
  sitemap_generator (= 6.0.1)
  stackprof (= 0.2.11)
  state_machines-activerecord (= 0.5.0)
  state_machines-audit_trail (= 2.0.1)
  strong_migrations (= 0.2.1)
  timecop (= 0.9.1)
  web-console (= 3.5.1)
  webpacker (= 3.2.1)

RUBY VERSION
   ruby 2.5.0p0

BUNDLED WITH
   1.16.0
